GEM
  remote: https://rubygems.org/
  specs:
    bcrypt (3.1.16)
    bigdecimal (1.3.5)
    coderay (1.1.3)
    erubis (2.7.0)
    method_source (1.0.0)
    pg (0.18.4)
    pry (0.14.1)
      coderay (~> 1.1)
      method_source (~> 1.0)
    rack (2.2.3)
    rack-protection (1.5.5)
      rack
    rack_csrf (2.5.0)
      rack (>= 1.1.0)
    roda (3.48.0)
      rack
    sequel (4.21.0)
    tilt (2.0.10)

PLATFORMS
  ruby

DEPENDENCIES
  bcrypt (~> 3.1.10)
  bigdecimal (= 1.3.5)
  erubis (~> 2.7.0)
  pg (~> 0.18.1)
  pry
  rack-protection (~> 1.5.3)
  rack_csrf (~> 2.5.0)
  roda (~> 3.48.0)
  sequel (~> 4.21.0)
  tilt (~> 2.0.1)

BUNDLED WITH
   1.17.3
